PATH
  remote: .
  specs:
    kafka-worker (0.0.1)
      ruby-kafka

GEM
  remote: https://rubygems.org/
  specs:
    diff-lcs (1.3)
    rake (12.0.0)
    rspec (3.5.0)
      rspec-core (~> 3.5.0)
      rspec-expectations (~> 3.5.0)
      rspec-mocks (~> 3.5.0)
    rspec-core (3.5.4)
      rspec-support (~> 3.5.0)
    rspec-expectations (3.5.0)
      diff-lcs (>= 1.2.0, < 2.0)
      rspec-support (~> 3.5.0)
    rspec-mocks (3.5.0)
      diff-lcs (>= 1.2.0, < 2.0)
      rspec-support (~> 3.5.0)
    rspec-support (3.5.0)
    ruby-kafka (0.3.16)

PLATFORMS
  ruby

DEPENDENCIES
  kafka-worker!
  rake
  rspec

BUNDLED WITH
   1.14.3
